GEM
  remote: https://rubygems.org/
  specs:
    json (2.2.0)
    mini_portile2 (2.4.0)
    nokogiri (1.10.2)
      mini_portile2 (~> 2.4.0)
    rake (12.3.2)
    rubyzip (1.2.2)

PLATFORMS
  ruby

DEPENDENCIES
  json
  nokogiri
  rake
  rubyzip

BUNDLED WITH
   1.17.1
