GEM
  remote: https://rubygems.org/
  specs:
    json (1.8.1)
    mini_portile2 (2.0.0)
    nokogiri (1.6.7.2)
      mini_portile2 (~> 2.0.0.rc2)
    rake (11.1.2)

PLATFORMS
  ruby

DEPENDENCIES
  json
  nokogiri
  rake

BUNDLED WITH
   1.11.2
