GEM
  remote: https://rubygems.org/
  specs:
    json (2.1.0)
    mini_portile2 (2.3.0)
    nokogiri (1.8.2)
      mini_portile2 (~> 2.3.0)
    rake (12.3.1)
    rubyzip (1.2.1)

PLATFORMS
  ruby

DEPENDENCIES
  json
  nokogiri
  rake
  rubyzip

BUNDLED WITH
   1.16.2
